GEM
  remote: https://rubygems.org/
  specs:
    adsf (1.4.1)
      rack (>= 1.0.0, < 3.0.0)
    colored (1.2)
    cri (2.6.1)
      colored (~> 1.2)
    kramdown (1.4.0)
    nanoc (3.7.1)
      cri (~> 2.3)
    rack (2.0.6)

PLATFORMS
  ruby

DEPENDENCIES
  adsf (>= 1.2.0)
  kramdown
  nanoc

BUNDLED WITH
   1.16.6
